PATH
  remote: .
  specs:
    pixelforce_recipes (4.0)
      capistrano (> 3.0.0)

GEM
  remote: https://rubygems.org/
  specs:
    airbrussh (1.4.1)
      sshkit (>= 1.6.1, != 1.7.0)
    aws-eventstream (1.2.0)
    aws-partitions (1.628.0)
    aws-sdk-autoscaling (1.80.0)
      aws-sdk-core (~> 3, >= 3.127.0)
      aws-sigv4 (~> 1.1)
    aws-sdk-core (3.145.0)
      aws-eventstream (~> 1, >= 1.0.2)
      aws-partitions (~> 1, >= 1.525.0)
      aws-sigv4 (~> 1.1)
      jmespath (~> 1, >= 1.6.1)
    aws-sdk-ec2 (1.331.0)
      aws-sdk-core (~> 3, >= 3.127.0)
      aws-sigv4 (~> 1.1)
    aws-sigv4 (1.5.1)
      aws-eventstream (~> 1, >= 1.0.2)
    capistrano (3.17.1)
      airbrussh (>= 1.0.0)
      i18n
      rake (>= 10.0.0)
      sshkit (>= 1.9.0)
    concurrent-ruby (1.1.10)
    diff-lcs (1.2.5)
    elbas (3.0.4)
      aws-sdk-autoscaling (~> 1)
      aws-sdk-ec2 (~> 1)
      capistrano (> 3)
    i18n (1.12.0)
      concurrent-ruby (~> 1.0)
    jmespath (1.6.1)
    net-scp (1.2.1)
      net-ssh (>= 2.6.5)
    net-ssh (7.0.1)
    rake (13.0.1)
    rspec (3.5.0)
      rspec-core (~> 3.5.0)
      rspec-expectations (~> 3.5.0)
      rspec-mocks (~> 3.5.0)
    rspec-core (3.5.2)
      rspec-support (~> 3.5.0)
    rspec-expectations (3.5.0)
      diff-lcs (>= 1.2.0, < 2.0)
      rspec-support (~> 3.5.0)
    rspec-mocks (3.5.0)
      diff-lcs (>= 1.2.0, < 2.0)
      rspec-support (~> 3.5.0)
    rspec-support (3.5.0)
    sshkit (1.21.3)
      net-scp (>= 1.1.2)
      net-ssh (>= 2.8.0)

PLATFORMS
  ruby

DEPENDENCIES
  bundler (~> 2.1)
  elbas
  pixelforce_recipes!
  rake (~> 13.0)
  rspec (~> 3.0)

BUNDLED WITH
   2.2.33
